PATH
  remote: .
  specs:
    pub_sub (0.1.0)
      sidekiq

GEM
  remote: https://rubygems.org/
  specs:
    connection_pool (2.2.5)
    diff-lcs (1.5.0)
    psych (4.0.4)
      stringio
    rack (2.2.3)
    rake (13.0.6)
    redis (4.6.0)
    rspec (3.11.0)
      rspec-core (~> 3.11.0)
      rspec-expectations (~> 3.11.0)
      rspec-mocks (~> 3.11.0)
    rspec-core (3.11.0)
      rspec-support (~> 3.11.0)
    rspec-expectations (3.11.0)
      diff-lcs (>= 1.2.0, < 2.0)
      rspec-support (~> 3.11.0)
    rspec-mocks (3.11.1)
      diff-lcs (>= 1.2.0, < 2.0)
      rspec-support (~> 3.11.0)
    rspec-support (3.11.0)
    sidekiq (6.4.2)
      connection_pool (>= 2.2.2)
      rack (~> 2.0)
      redis (>= 4.2.0)
    stringio (3.0.2)

PLATFORMS
  arm64-darwin-21

DEPENDENCIES
  psych
  pub_sub!
  rake (~> 13.0)
  rspec (~> 3.0)

BUNDLED WITH
   2.3.3
